PATH
  remote: .
  specs:
    todotask (0.0.3)
      rake

GEM
  remote: http://rubygems.org/
  specs:
    rake (0.8.7)

PLATFORMS
  ruby

DEPENDENCIES
  rake
  todotask!
